GEM
  remote: https://rubygems.org/
  specs:
    sorbet (0.5.10092)
      sorbet-static (= 0.5.10092)
    sorbet-runtime (0.5.10092)
    sorbet-static (0.5.10092-universal-darwin-20)

PLATFORMS
  ruby
  x86_64-darwin-20

DEPENDENCIES
  sorbet
  sorbet-runtime

BUNDLED WITH
   2.3.8
